GEM
  remote: http://rubygems.org/
  remote: http://gems.github.com/
  specs:
    method_source (0.8)
    zeus (0.12.0)
      method_source (>= 0.6.7)

PLATFORMS
  ruby

DEPENDENCIES
  zeus
